PATH
  remote: .
  specs:
    overlay_me (0.13.0)
      coffee-script
      compass
      haml
      json
      rack
      rake
      sprockets-sass

GEM
  remote: http://www.rubygems.org/
  specs:
    POpen4 (0.1.4)
      Platform (>= 0.4.0)
      open4
    Platform (0.4.0)
    chunky_png (1.2.5)
    coffee-script (2.2.0)
      coffee-script-source
      execjs
    coffee-script-source (1.3.1)
    compass (0.12.1)
      chunky_png (~> 1.2)
      fssm (>= 0.2.7)
      sass (~> 3.1)
    execjs (1.3.1)
      multi_json (~> 1.0)
    ffi (1.0.11)
    fssm (0.2.9)
    guard (1.0.2)
      ffi (>= 0.5.0)
      thor (~> 0.14.6)
    guard-coffeescript (0.6.0)
      coffee-script (>= 2.2.0)
      guard (>= 0.8.3)
    guard-rake (0.0.7)
      guard
      rake
    guard-sprockets (0.2.0)
      guard (>= 0.2.2)
      sprockets (~> 2)
    haml (3.1.4)
    hike (1.2.1)
    jsmin (1.0.1)
    json (1.7.0)
    multi_json (1.3.4)
    open4 (1.3.0)
    rack (1.4.1)
    rake (0.9.2.2)
    sass (3.1.15)
    sprockets (2.4.1)
      hike (~> 1.2)
      multi_json (~> 1.0)
      rack (~> 1.0)
      tilt (~> 1.1, != 1.3.0)
    sprockets-sass (0.8.0)
      sprockets (~> 2.0)
      tilt (~> 1.1)
    thor (0.14.6)
    tilt (1.3.3)
    yui-compressor (0.9.6)
      POpen4 (>= 0.1.4)

PLATFORMS
  ruby

DEPENDENCIES
  guard-coffeescript
  guard-rake
  guard-sprockets
  jsmin
  overlay_me!
  yui-compressor
