PATH
  remote: .
  specs:
    overlay_me (0.91)
      coffee-script
      haml
      json
      rack
      sprockets-sass

GEM
  remote: http://www.rubygems.org/
  specs:
    coffee-script (2.2.0)
      coffee-script-source
      execjs
    coffee-script-source (1.3.1)
    execjs (1.3.1)
      multi_json (~> 1.0)
    haml (3.1.4)
    hike (1.2.1)
    jsmin (1.0.1)
    json (1.7.0)
    multi_json (1.3.4)
    rack (1.4.1)
    sprockets (2.4.1)
      hike (~> 1.2)
      multi_json (~> 1.0)
      rack (~> 1.0)
      tilt (~> 1.1, != 1.3.0)
    sprockets-sass (0.8.0)
      sprockets (~> 2.0)
      tilt (~> 1.1)
    tilt (1.3.3)

PLATFORMS
  ruby

DEPENDENCIES
  jsmin
  overlay_me!
