PATH
  remote: .
  specs:
    overlay_me (0.13.0)
      coffee-script
      compass
      haml
      json
      rack
      rake
      sprockets-sass

GEM
  remote: http://www.rubygems.org/
  specs:
    POpen4 (0.1.4)
      Platform (>= 0.4.0)
      open4
    Platform (0.4.0)
    chunky_png (1.2.6)
    coffee-script (2.2.0)
      coffee-script-source
      execjs
    coffee-script-source (1.3.3)
    compass (0.12.2)
      chunky_png (~> 1.2)
      fssm (>= 0.2.7)
      sass (~> 3.1)
    execjs (1.4.0)
      multi_json (~> 1.0)
    ffi (1.1.5)
    fssm (0.2.9)
    guard (1.3.2)
      listen (>= 0.4.2)
      thor (>= 0.14.6)
    guard-coffeescript (1.2.0)
      coffee-script (>= 2.2.0)
      guard (>= 1.1.0)
    guard-rake (0.0.7)
      guard
      rake
    haml (3.1.7)
    hike (1.2.1)
    jsmin (1.0.1)
    json (1.7.5)
    listen (0.4.7)
      rb-fchange (~> 0.0.5)
      rb-fsevent (~> 0.9.1)
      rb-inotify (~> 0.8.8)
    multi_json (1.3.6)
    open4 (1.3.0)
    rack (1.4.1)
    rake (0.9.2.2)
    rb-fchange (0.0.5)
      ffi
    rb-fsevent (0.9.1)
    rb-inotify (0.8.8)
      ffi (>= 0.5.0)
    sass (3.2.1)
    sprockets (2.4.5)
      hike (~> 1.2)
      multi_json (~> 1.0)
      rack (~> 1.0)
      tilt (~> 1.1, != 1.3.0)
    sprockets-sass (0.9.0)
      sprockets (~> 2.0)
      tilt (~> 1.1)
    thor (0.16.0)
    tilt (1.3.3)
    yui-compressor (0.9.6)
      POpen4 (>= 0.1.4)

PLATFORMS
  ruby

DEPENDENCIES
  guard-coffeescript (~> 1.2.0)
  guard-rake
  jsmin
  overlay_me!
  rb-fsevent
  yui-compressor
