GIT
  remote: https://github.com/pferdefleisch/guard-sprockets.git
  revision: 0aeac52e9f63caa188d10c0bb92948614776b8d0
  specs:
    guard-sprockets (0.3.1)
      guard (~> 0.2.2)
      sprockets (~> 2)

PATH
  remote: .
  specs:
    overlay_me (0.13.0)
      coffee-script
      compass
      haml
      json
      rack
      rake
      sprockets-sass

GEM
  remote: http://www.rubygems.org/
  specs:
    POpen4 (0.1.4)
      Platform (>= 0.4.0)
      open4
    Platform (0.4.0)
    chunky_png (1.2.5)
    coffee-script (2.2.0)
      coffee-script-source
      execjs
    coffee-script-source (1.3.1)
    compass (0.12.1)
      chunky_png (~> 1.2)
      fssm (>= 0.2.7)
      sass (~> 3.1)
    configuration (1.3.2)
    execjs (1.3.1)
      multi_json (~> 1.0)
    fssm (0.2.9)
    guard (0.2.2)
      open_gem (~> 1.4.2)
      thor (~> 0.14.3)
    haml (3.1.4)
    hike (1.2.1)
    jsmin (1.0.1)
    json (1.7.0)
    launchy (0.3.7)
      configuration (>= 0.0.5)
      rake (>= 0.8.1)
    multi_json (1.3.4)
    open4 (1.3.0)
    open_gem (1.4.2)
      launchy (~> 0.3.5)
    rack (1.4.1)
    rake (0.9.2.2)
    sass (3.1.15)
    sprockets (2.4.1)
      hike (~> 1.2)
      multi_json (~> 1.0)
      rack (~> 1.0)
      tilt (~> 1.1, != 1.3.0)
    sprockets-sass (0.8.0)
      sprockets (~> 2.0)
      tilt (~> 1.1)
    thor (0.14.6)
    tilt (1.3.3)
    yui-compressor (0.9.6)
      POpen4 (>= 0.1.4)

PLATFORMS
  ruby

DEPENDENCIES
  guard-sprockets!
  jsmin
  overlay_me!
  yui-compressor
